GEM
  remote: https://rubygems.org/
  specs:
    bundle (0.0.1)
      bundler
    byebug (11.1.3)
    csv (3.1.9)
    diff-lcs (1.4.4)
    httparty (0.18.1)
      mime-types (~> 3.0)
      multi_xml (>= 0.5.2)
    mime-types (3.3.1)
      mime-types-data (~> 3.2015)
    mime-types-data (3.2020.1104)
    mini_portile2 (2.5.0)
    multi_xml (0.6.0)
    nokogiri (1.11.1)
      mini_portile2 (~> 2.5.0)
      racc (~> 1.4)
    open-uri (0.1.0)
    racc (1.5.2)
    rspec (3.10.0)
      rspec-core (~> 3.10.0)
      rspec-expectations (~> 3.10.0)
      rspec-mocks (~> 3.10.0)
    rspec-core (3.10.1)
      rspec-support (~> 3.10.0)
    rspec-expectations (3.10.1)
      diff-lcs (>= 1.2.0, < 2.0)
      rspec-support (~> 3.10.0)
    rspec-mocks (3.10.1)
      diff-lcs (>= 1.2.0, < 2.0)
      rspec-support (~> 3.10.0)
    rspec-support (3.10.1)

PLATFORMS
  ruby

DEPENDENCIES
  bundle (~> 0.0.1)
  bundler (~> 2.1.2)
  byebug (~> 11.1, >= 11.1.3)
  csv (~> 3.0)
  httparty (~> 0.18.1)
  nokogiri (~> 1.11, >= 1.11.1)
  open-uri (~> 0.1.0)
  rspec (~> 3.0)

RUBY VERSION
   ruby 2.7.0p0

BUNDLED WITH
   2.1.2
